PATH
  remote: .
  specs:
    auditing (0.0.1)

GEM
  specs:
    bson (1.4.0)
    diff-lcs (1.1.3)
    mongo (1.4.0)
      bson (= 1.4.0)
    rake (0.9.2)
    rspec (2.6.0)
      rspec-core (~> 2.6.0)
      rspec-expectations (~> 2.6.0)
      rspec-mocks (~> 2.6.0)
    rspec-core (2.6.4)
    rspec-expectations (2.6.0)
      diff-lcs (~> 1.1.2)
    rspec-mocks (2.6.0)

PLATFORMS
  ruby

DEPENDENCIES
  auditing!
  mongo
  rake
  rspec (~> 2.0)
