PATH
  remote: .
  specs:
    mordor-auditing (0.0.4)
      mordor (= 0.2.1)

GEM
  specs:
    bson (1.4.0)
    bson_ext (1.4.0)
    diff-lcs (1.1.3)
    extlib (0.9.15)
    json (1.6.1)
    mongo (1.4.0)
      bson (= 1.4.0)
    mordor (0.2.1)
      bson_ext
      extlib
      json
      mongo
    rake (0.9.2)
    rspec (2.6.0)
      rspec-core (~> 2.6.0)
      rspec-expectations (~> 2.6.0)
      rspec-mocks (~> 2.6.0)
    rspec-core (2.6.4)
    rspec-expectations (2.6.0)
      diff-lcs (~> 1.1.2)
    rspec-mocks (2.6.0)

PLATFORMS
  ruby

DEPENDENCIES
  mordor (= 0.2.1)
  mordor-auditing!
  rake
  rspec (~> 2.0)
