PATH
  remote: .
  specs:
    auditing (0.0.1)
      mordor (= 0.1.1)

GEM
  specs:
    bson (1.4.0)
    bson_ext (1.4.0)
    columnize (0.3.4)
    diff-lcs (1.1.3)
    extlib (0.9.15)
    json (1.6.1)
    linecache (0.46)
      rbx-require-relative (> 0.0.4)
    mongo (1.4.0)
      bson (= 1.4.0)
    mordor (0.1.1)
      bson_ext
      extlib
      json
      mongo
    rake (0.9.2)
    rbx-require-relative (0.0.5)
    rspec (2.6.0)
      rspec-core (~> 2.6.0)
      rspec-expectations (~> 2.6.0)
      rspec-mocks (~> 2.6.0)
    rspec-core (2.6.4)
    rspec-expectations (2.6.0)
      diff-lcs (~> 1.1.2)
    rspec-mocks (2.6.0)
    ruby-debug (0.10.4)
      columnize (>= 0.1)
      ruby-debug-base (~> 0.10.4.0)
    ruby-debug-base (0.10.4)
      linecache (>= 0.3)

PLATFORMS
  ruby

DEPENDENCIES
  auditing!
  mordor (= 0.1.1)
  rake
  rspec (~> 2.0)
  ruby-debug
