GIT
  remote: https://github.com/ReneB/mordor.git
  revision: 1b945456c51555b5269ffc81b0715139ed62b3d6
  specs:
    mordor (0.2.15)
      activesupport
      json
      mongo

GEM
  remote: http://rubygems.org/
  specs:
    activesupport (3.2.8)
      i18n (~> 0.6)
      multi_json (~> 1.0)
    bson (1.7.0)
    diff-lcs (1.1.3)
    i18n (0.6.1)
    json (1.7.5)
    mongo (1.7.0)
      bson (~> 1.7.0)
    multi_json (1.3.6)
    rake (0.9.2.2)
    rspec (2.10.0)
      rspec-core (~> 2.10.0)
      rspec-expectations (~> 2.10.0)
      rspec-mocks (~> 2.10.0)
    rspec-core (2.10.1)
    rspec-expectations (2.10.0)
      diff-lcs (~> 1.1.3)
    rspec-mocks (2.10.1)

PLATFORMS
  ruby

DEPENDENCIES
  bundler (> 1.0.0)
  mordor!
  rake
  rspec (~> 2.0)
